GEM
  remote: https://rubygems.org/
  specs:
    POpen4 (0.1.4)
      Platform (>= 0.4.0)
      open4
    Platform (0.4.0)
    asciidoctor (0.1.1)
    awestruct (0.5.0)
      bootstrap-sass (~> 2.3.1.0)
      compass (~> 0.12.1)
      compass-960-plugin (~> 0.10.4)
      git (~> 1.2.5)
      haml (~> 4.0.1)
      json (~> 1.7.7)
      listen (~> 0.7.3)
      nokogiri (~> 1.5.6)
      rack (~> 1.5.2)
      rest-client (~> 1.6.7)
      ruby-s3cmd (~> 0.1.5)
      tilt (~> 1.3.6)
    bootstrap-sass (2.3.1.0)
      sass (~> 3.2)
    chunky_png (1.2.8)
    coffee-script (2.2.0)
      coffee-script-source
      execjs
    coffee-script-source (1.5.0)
    compass (0.12.2)
      chunky_png (~> 1.2)
      fssm (>= 0.2.7)
      sass (~> 3.1)
    compass-960-plugin (0.10.4)
      compass (>= 0.10.0)
    execjs (1.4.0)
      multi_json (~> 1.0)
    fssm (0.2.10)
    git (1.2.5)
    haml (4.0.2)
      tilt
    htmlcompressor (0.0.6)
      yui-compressor (~> 0.9.6)
    json (1.7.7)
    libv8 (3.3.10.4)
    listen (0.7.3)
    mime-types (1.23)
    multi_json (1.6.1)
    nokogiri (1.5.9)
    open4 (1.3.0)
    rack (1.5.2)
    rdiscount (2.0.7.1)
    rest-client (1.6.7)
      mime-types (>= 1.16)
    ruby-s3cmd (0.1.5)
    sass (3.2.8)
    slim (2.0.0.pre.8)
      temple (~> 0.6.4)
      tilt (~> 1.3.6)
    temple (0.6.4)
    therubyracer (0.10.0)
      libv8 (~> 3.3.10)
    tilt (1.3.7)
    uglifier (2.0.1)
      execjs (>= 0.3.0)
      multi_json (~> 1.0, >= 1.0.2)
    yui-compressor (0.9.6)
      POpen4 (>= 0.1.4)

PLATFORMS
  ruby

DEPENDENCIES
  asciidoctor (~> 0.1.1)
  awestruct (= 0.5.0)
  coffee-script
  htmlcompressor (~> 0.0.6)
  kramdown (~> 0.14.2)
  rdiscount (~> 2.0.7.1)
  slim (~> 2.0.0.pre.8)
  therubyracer (= 0.10.0)
  therubyrhino
  uglifier (~> 2.0.1)
